GEM
  remote: http://rubygems.org/
  specs:
    colored (1.2)
    cri (2.3.0)
      colored (>= 1.2)
    haml (4.0.3)
      tilt
    json (1.8.0)
    nanoc (3.6.4)
      cri (~> 2.3)
    nokogiri (1.5.5)
    tilt (1.4.1)
    w3c_validators (1.2)
      json
      nokogiri

PLATFORMS
  ruby

DEPENDENCIES
  haml
  nanoc
  nokogiri
  w3c_validators
