GEM
  remote: http://rubygems.org/
  specs:
    adsf (1.2.0)
      rack (>= 1.0.0)
    celluloid (0.15.2)
      timers (~> 1.1.0)
    celluloid-io (0.15.0)
      celluloid (>= 0.15.0)
      nio4r (>= 0.5.0)
    coderay (1.1.0)
    colored (1.2)
    cri (2.4.1)
      colored (>= 1.2)
    em-websocket (0.5.0)
      eventmachine (>= 0.12.9)
      http_parser.rb (~> 0.5.3)
    eventmachine (1.0.3)
    ffi (1.9.3)
    formatador (0.2.4)
    guard (2.4.0)
      formatador (>= 0.2.4)
      listen (~> 2.1)
      lumberjack (~> 1.0)
      pry (>= 0.9.12)
      thor (>= 0.18.1)
    guard-livereload (2.1.1)
      em-websocket (~> 0.5)
      guard (~> 2.0)
      multi_json (~> 1.8)
    guard-nanoc (1.0.2)
      guard (>= 1.8.0)
      nanoc (>= 3.6.3)
    haml (4.0.5)
      tilt
    http_parser.rb (0.5.3)
    json (1.8.1)
    listen (2.5.0)
      celluloid (>= 0.15.2)
      celluloid-io (>= 0.15.0)
      rb-fsevent (>= 0.9.3)
      rb-inotify (>= 0.9)
    lumberjack (1.0.4)
    method_source (0.8.2)
    mini_portile (0.5.2)
    multi_json (1.8.4)
    nanoc (3.6.7)
      cri (~> 2.3)
    nio4r (1.0.0)
    nokogiri (1.6.1)
      mini_portile (~> 0.5.0)
    pry (0.9.12.6)
      coderay (~> 1.0)
      method_source (~> 0.8)
      slop (~> 3.4)
    rack (1.5.2)
    rb-fsevent (0.9.4)
    rb-inotify (0.9.3)
      ffi (>= 0.5.0)
    sass (3.2.14)
    slop (3.4.7)
    thor (0.18.1)
    tilt (2.0.0)
    timers (1.1.0)
    w3c_validators (1.2)
      json
      nokogiri

PLATFORMS
  ruby

DEPENDENCIES
  adsf (~> 1.2)
  guard-livereload (~> 2.1)
  guard-nanoc (~> 1.0)
  haml (~> 4.0)
  nanoc (~> 3.6)
  nokogiri (~> 1.6)
  sass (~> 3.2)
  w3c_validators (~> 1.2)
